GEM
  remote: https://rubygems.org/
  specs:
    childprocess (0.9.0)
      ffi (~> 1.0, >= 1.0.11)
    coderay (1.1.2)
    dotenv (2.7.1)
    ffi (1.10.0)
    gmail (0.7.1)
      gmail_xoauth (>= 0.3.0)
      mail (>= 2.2.1)
    gmail_xoauth (0.4.2)
      oauth (>= 0.3.6)
    json (2.2.0)
    mail (2.7.1)
      mini_mime (>= 0.1.1)
    method_source (0.9.2)
    mini_mime (1.0.1)
    mini_portile2 (2.4.0)
    nokogiri (1.10.1)
      mini_portile2 (~> 2.4.0)
    oauth (0.5.4)
    pry (0.12.2)
      coderay (~> 1.1.0)
      method_source (~> 0.9.0)
    regexp_parser (1.3.0)
    rubyzip (1.2.2)
    selenium-webdriver (3.141.0)
      childprocess (~> 0.5)
      rubyzip (~> 1.2, >= 1.2.2)
    watir (6.16.5)
      regexp_parser (~> 1.2)
      selenium-webdriver (~> 3.6)
    watir-get-image-content (0.0.4)
      watir
    watir-webdriver (0.9.9)
      selenium-webdriver (>= 2.46.2)

PLATFORMS
  ruby

DEPENDENCIES
  dotenv
  gmail
  json
  nokogiri
  pry
  watir
  watir-get-image-content
  watir-webdriver

RUBY VERSION
   ruby 2.5.1p57

BUNDLED WITH
   1.17.1
